{
	"Manufacturer": "Siemens",
	"ManufacturersModelName": "Prisma_fit",
	"AcquisitionNumber": 1,
	"InstitutionName": "UGent",
	"InstitutionAddress": "De_Pintelaan_185_Gent_District_BE_9000",
	"DeviceSerialNumber": "167045",
	"SoftwareVersions": "syngo_MR_E11",
	"ProcedureStepDescription": "MR_hersenen_(structuur_alleen)_O",
	"ScanningSequence": "GR_IR",
	"SequenceVariant": "SK_SP_MP",
	"SeriesDescription": "T1_mprage",
	"BodyPartExamined": "BRAIN",
	"ProtocolName": "T1_mprage",
	"SequenceName": "_tfl3d1_16ns",
	"ImageType": ["ORIGINAL", "PRIMARY", "M", "ND", "NORM"],
	"AcquisitionTime": "13:52:7.065000",
	"MagneticFieldStrength": 3,
	"FlipAngle": 9,
	"EchoTime": 0.00418,
	"RepetitionTime": 2.25,
	"InversionTime": 0.9,
	"PhaseEncodingLines": 256,
	"AccelFactPE": 2,
	"PhaseEncodingDirection": "i-",
	"ConversionSoftware": "dcm2niix",
	"ConversionSoftwareVersion": "v1.0.20170724 (OpenJPEG build) GCC6.1.0"
}
